PATH
  remote: .
  specs:
    slogger (0.0.3)
      slogger

GEM
  remote: http://rubygems.org/
  specs:
    diff-lcs (1.1.2)
    git (1.2.5)
    jeweler (1.5.2)
      bundler (~> 1.0.0)
      git (>= 1.2.5)
      rake
    rake (0.8.7)
    rspec (2.6.0.rc2)
      rspec-core (= 2.6.0.rc2)
      rspec-expectations (= 2.6.0.rc2)
      rspec-mocks (= 2.6.0.rc2)
    rspec-core (2.6.0.rc2)
    rspec-expectations (2.6.0.rc2)
      diff-lcs (~> 1.1.2)
    rspec-mocks (2.6.0.rc2)

PLATFORMS
  ruby

DEPENDENCIES
  bundler (~> 1.0.0)
  jeweler (~> 1.5.2)
  rspec (~> 2.6.0.rc2)
  slogger!
